{
    "TaskName": "FR2",
    "Manufacturer": "n/a",
    "PowerLineFrequency": 60.0,
    "SamplingFrequency": 513.0,
    "SoftwareFilters": "n/a",
    "RecordingDuration": 3916.208576998051,
    "RecordingType": "continuous",
    "iEEGReference": "bipolar",
    "ECOGChannelCount": 116,
    "SEEGChannelCount": 18,
    "EEGChannelCount": 0,
    "EOGChannelCount": 0,
    "ECGChannelCount": 0,
    "EMGChannelCount": 0,
    "MiscChannelCount": 0,
    "TriggerChannelCount": 0,
    "TaskDescription": "delayed free recall with open-loop stimulation at encoding",
    "HardwareFilters": "n/a",
    "ElectricalStimulation": true
}
